GEM
  remote: https://rubygems.org/
  specs:
    activesupport (5.2.4.4)
      concurrent-ruby (~> 1.0, >= 1.0.2)
      i18n (>= 0.7, < 2)
      minitest (~> 5.1)
      tzinfo (~> 1.1)
    addressable (2.7.0)
      public_suffix (>= 2.0.2, < 5.0)
    ast (2.4.1)
    aws-eventstream (1.1.0)
    aws-sdk (2.11.632)
      aws-sdk-resources (= 2.11.632)
    aws-sdk-core (2.11.632)
      aws-sigv4 (~> 1.0)
      jmespath (~> 1.0)
    aws-sdk-resources (2.11.632)
      aws-sdk-core (= 2.11.632)
    aws-sigv4 (1.2.2)
      aws-eventstream (~> 1, >= 1.0.2)
    azure_graph_rbac (0.17.2)
      ms_rest_azure (~> 0.12.0)
    azure_mgmt_key_vault (0.17.7)
      ms_rest_azure (~> 0.12.0)
    azure_mgmt_resources (0.18.1)
      ms_rest_azure (~> 0.12.0)
    bcrypt_pbkdf (1.1.0)
    berkshelf (5.6.5)
      addressable (~> 2.3, >= 2.3.4)
      berkshelf-api-client (>= 2.0.2, < 4.0)
      buff-config (~> 2.0)
      buff-extensions (~> 2.0)
      buff-shell_out (~> 1.0)
      cleanroom (~> 1.0)
      faraday (~> 0.9)
      httpclient (~> 2.7)
      minitar (~> 0.5, >= 0.5.4)
      mixlib-archive (~> 0.4)
      octokit (~> 4.0)
      retryable (~> 2.0)
      ridley (~> 5.0)
      solve (> 2.0, < 4.0)
      thor (~> 0.19, < 0.19.2)
    berkshelf-api-client (3.0.0)
      faraday (~> 0.9)
      httpclient (~> 2.7)
      ridley (>= 4.5, < 6.0)
    buff-config (2.0.0)
      buff-extensions (~> 2.0)
      varia_model (~> 0.6)
    buff-extensions (2.0.0)
    buff-ignore (1.2.0)
    buff-ruby_engine (1.0.0)
    buff-shell_out (1.1.0)
      buff-ruby_engine (~> 1.0)
    builder (3.2.4)
    celluloid (0.16.0)
      timers (~> 4.0.0)
    celluloid-io (0.16.2)
      celluloid (>= 0.16.0)
      nio4r (>= 1.1.0)
    chef (13.12.14)
      addressable
      bundler (>= 1.10)
      chef-config (= 13.12.14)
      chef-zero (~> 13.0)
      diff-lcs (~> 1.2, >= 1.2.4)
      erubis (~> 2.7)
      ffi-yajl (~> 2.2)
      highline (~> 1.6, >= 1.6.9)
      iniparse (~> 1.4)
      iso8601 (~> 0.12.1)
      mixlib-archive (~> 0.4)
      mixlib-authentication (~> 1.4)
      mixlib-cli (~> 1.7)
      mixlib-log (~> 1.3)
      mixlib-shellout (~> 2.4)
      net-sftp (~> 2.1, >= 2.1.2)
      net-ssh (>= 2.9, < 5.0)
      net-ssh-multi (~> 1.2, >= 1.2.1)
      ohai (~> 13.0)
      plist (~> 3.2)
      proxifier (~> 1.0)
      rspec-core (~> 3.5, < 3.8)
      rspec-expectations (~> 3.5, < 3.8)
      rspec-mocks (~> 3.5, < 3.8)
      rspec_junit_formatter (~> 0.2.0)
      serverspec (~> 2.7)
      specinfra (~> 2.10)
      syslog-logger (~> 1.6)
      uuidtools (~> 2.1.5)
    chef-config (13.12.14)
      addressable
      fuzzyurl
      mixlib-config (>= 2.2.12, < 3.0)
      mixlib-shellout (~> 2.0)
      tomlrb (~> 1.2)
    chef-sugar (5.1.12)
    chef-utils (17.8.25)
      concurrent-ruby
    chef-zero (13.1.0)
      ffi-yajl (~> 2.2)
      hashie (>= 2.0, < 4.0)
      mixlib-log (~> 1.3)
      rack (~> 2.0)
      uuidtools (~> 2.1)
    chefspec (7.4.0)
      chef (>= 13)
      fauxhai (>= 6.11)
      rspec (~> 3.0)
    cleanroom (1.0.0)
    coderay (1.1.3)
    concurrent-ruby (1.1.7)
    cookstyle (3.0.2)
      rubocop (= 0.55.0)
    cucumber-core (8.0.1)
      cucumber-gherkin (~> 15.0, >= 15.0.2)
      cucumber-messages (~> 13.0, >= 13.0.1)
      cucumber-tag-expressions (~> 2.0, >= 2.0.4)
    cucumber-gherkin (15.0.2)
      cucumber-messages (~> 13.0, >= 13.0.1)
    cucumber-messages (13.2.1)
      protobuf-cucumber (~> 3.10, >= 3.10.8)
    cucumber-tag-expressions (2.0.4)
    declarative (0.0.20)
    declarative-option (0.1.0)
    diff-lcs (1.4.4)
    docker-api (1.34.2)
      excon (>= 0.47.0)
      multi_json
    domain_name (0.5.20190701)
      unf (>= 0.0.5, < 1.0.0)
    ed25519 (1.2.4)
    erubi (1.10.0)
    erubis (2.7.0)
    excon (0.78.1)
    faraday (0.17.3)
      multipart-post (>= 1.2, < 3)
    faraday-cookie_jar (0.0.7)
      faraday (>= 0.8.0)
      http-cookie (~> 1.0.0)
    fauxhai (7.4.0)
      net-ssh
    ffi (1.15.4)
    ffi-yajl (2.3.4)
      libyajl2 (~> 1.2)
    foodcritic (6.3.0)
      cucumber-core (>= 1.3)
      erubis
      nokogiri (>= 1.5, < 2.0)
      rake
      rufus-lru (~> 1.0)
      treetop (~> 1.4)
      yajl-ruby (~> 1.1)
    fuzzyurl (0.9.0)
    google-api-client (0.23.9)
      addressable (~> 2.5, >= 2.5.1)
      googleauth (>= 0.5, < 0.7.0)
      httpclient (>= 2.8.1, < 3.0)
      mime-types (~> 3.0)
      representable (~> 3.0)
      retriable (>= 2.0, < 4.0)
      signet (~> 0.9)
    googleauth (0.6.7)
      faraday (~> 0.12)
      jwt (>= 1.4, < 3.0)
      memoist (~> 0.16)
      multi_json (~> 1.11)
      os (>= 0.9, < 2.0)
      signet (~> 0.7)
    gssapi (1.3.1)
      ffi (>= 1.0.1)
    gyoku (1.3.1)
      builder (>= 2.1.2)
    hashie (3.6.0)
    highline (1.7.10)
    hitimes (2.0.0)
    htmlentities (4.3.4)
    http-cookie (1.0.3)
      domain_name (~> 0.5)
    httpclient (2.8.3)
    i18n (1.8.5)
      concurrent-ruby (~> 1.0)
    inifile (3.0.0)
    iniparse (1.5.0)
    inspec (2.1.0)
      addressable (~> 2.4)
      faraday (>= 0.9.0)
      hashie (~> 3.4)
      htmlentities
      json (>= 1.8, < 3.0)
      method_source (~> 0.8)
      mixlib-log
      parallel (~> 1.9)
      parslet (~> 1.5)
      pry (~> 0)
      rspec (~> 3)
      rspec-its (~> 1.2)
      rubyzip (~> 1.1)
      semverse
      sslshake (~> 1.2)
      thor (~> 0.19)
      tomlrb (~> 1.2)
      train (~> 1.2)
    ipaddress (0.8.3)
    iso8601 (0.12.3)
    jmespath (1.4.0)
    json (2.4.1)
    jwt (2.2.2)
    kitchen-docker (2.11.0)
      test-kitchen (>= 1.0.0)
    kitchen-inspec (1.3.1)
      hashie (~> 3.4)
      inspec (>= 1.47, < 5.0)
      test-kitchen (>= 1.6, < 3)
    libyajl2 (1.2.0)
    license-acceptance (2.1.13)
      pastel (~> 0.7)
      tomlrb (>= 1.2, < 3.0)
      tty-box (~> 0.6)
      tty-prompt (~> 0.20)
    little-plugger (1.1.4)
    logging (2.3.0)
      little-plugger (~> 1.1)
      multi_json (~> 1.14)
    memoist (0.16.2)
    method_source (0.9.2)
    middleware (0.1.0)
    mime-types (3.3.1)
      mime-types-data (~> 3.2015)
    mime-types-data (3.2020.1104)
    mini_portile2 (2.4.0)
    minitar (0.9)
    minitest (5.14.2)
    mixlib-archive (0.4.20)
      mixlib-log
    mixlib-authentication (1.4.2)
    mixlib-cli (1.7.0)
    mixlib-config (2.2.18)
      tomlrb
    mixlib-install (3.12.16)
      mixlib-shellout
      mixlib-versioning
      thor
    mixlib-log (1.7.1)
    mixlib-shellout (2.4.4)
    mixlib-versioning (1.2.12)
    molinillo (0.5.7)
    ms_rest (0.7.6)
      concurrent-ruby (~> 1.0)
      faraday (>= 0.9, < 2.0.0)
      timeliness (~> 0.3.10)
    ms_rest_azure (0.12.0)
      concurrent-ruby (~> 1.0)
      faraday (>= 0.9, < 2.0.0)
      faraday-cookie_jar (~> 0.0.6)
      ms_rest (~> 0.7.6)
    multi_json (1.15.0)
    multipart-post (2.1.1)
    net-scp (1.2.1)
      net-ssh (>= 2.6.5)
    net-sftp (2.1.2)
      net-ssh (>= 2.6.5)
    net-ssh (4.2.0)
    net-ssh-gateway (2.0.0)
      net-ssh (>= 4.0.0)
    net-ssh-multi (1.2.1)
      net-ssh (>= 2.6.5)
      net-ssh-gateway (>= 1.2.0)
    net-telnet (0.1.1)
    nio4r (2.5.2)
    nokogiri (1.10.10)
      mini_portile2 (~> 2.4.0)
    nori (2.6.0)
    octokit (4.20.0)
      faraday (>= 0.9)
      sawyer (~> 0.8.0, >= 0.5.3)
    ohai (13.12.6)
      chef-config (>= 12.5.0.alpha.1, < 14)
      ffi (~> 1.9)
      ffi-yajl (~> 2.2)
      ipaddress
      mixlib-cli (< 2.0)
      mixlib-config (~> 2.0)
      mixlib-log (>= 1.7.1, < 2.0)
      mixlib-shellout (~> 2.0)
      plist (~> 3.1)
      systemu (~> 2.6.4)
      wmi-lite (~> 1.0)
    os (1.1.1)
    parallel (1.19.2)
    parser (3.0.0.0)
      ast (~> 2.4.1)
    parslet (1.8.2)
    pastel (0.8.0)
      tty-color (~> 0.5)
    plist (3.6.0)
    polyglot (0.3.5)
    powerpack (0.1.3)
    protobuf-cucumber (3.10.8)
      activesupport (>= 3.2)
      middleware
      thor
      thread_safe
    proxifier (1.0.3)
    pry (0.12.2)
      coderay (~> 1.1.0)
      method_source (~> 0.9.0)
    public_suffix (4.0.6)
    rack (2.2.3)
    rainbow (3.0.0)
    rake (13.0.3)
    representable (3.0.4)
      declarative (< 0.1.0)
      declarative-option (< 0.2.0)
      uber (< 0.2.0)
    retriable (3.1.2)
    retryable (2.0.4)
    ridley (5.1.1)
      addressable
      buff-config (~> 2.0)
      buff-extensions (~> 2.0)
      buff-ignore (~> 1.2)
      buff-shell_out (~> 1.0)
      celluloid (~> 0.16.0)
      celluloid-io (~> 0.16.1)
      chef-config (>= 12.5.0)
      erubis
      faraday (~> 0.9)
      hashie (>= 2.0.2, < 4.0.0)
      httpclient (~> 2.7)
      json (>= 1.7.7)
      mixlib-authentication (>= 1.3.0)
      retryable (~> 2.0)
      semverse (~> 2.0)
      varia_model (~> 0.6)
    rspec (3.7.0)
      rspec-core (~> 3.7.0)
      rspec-expectations (~> 3.7.0)
      rspec-mocks (~> 3.7.0)
    rspec-core (3.7.1)
      rspec-support (~> 3.7.0)
    rspec-expectations (3.7.0)
      diff-lcs (>= 1.2.0, < 2.0)
      rspec-support (~> 3.7.0)
    rspec-its (1.3.0)
      rspec-core (>= 3.0.0)
      rspec-expectations (>= 3.0.0)
    rspec-mocks (3.7.0)
      diff-lcs (>= 1.2.0, < 2.0)
      rspec-support (~> 3.7.0)
    rspec-support (3.7.1)
    rspec_junit_formatter (0.2.3)
      builder (< 4)
      rspec-core (>= 2, < 4, != 2.12.0)
    rubocop (0.55.0)
      parallel (~> 1.10)
      parser (>= 2.5)
      powerpack (~> 0.1)
      rainbow (>= 2.2.2, < 4.0)
      ruby-progressbar (~> 1.7)
      unicode-display_width (~> 1.0, >= 1.0.1)
    ruby-progressbar (1.11.0)
    rubyntlm (0.6.3)
    rubyzip (1.3.0)
    rufus-lru (1.1.0)
    sawyer (0.8.2)
      addressable (>= 2.3.5)
      faraday (> 0.8, < 2.0)
    semverse (2.0.0)
    serverspec (2.41.5)
      multi_json
      rspec (~> 3.0)
      rspec-its
      specinfra (~> 2.72)
    sfl (2.3)
    signet (0.11.0)
      addressable (~> 2.3)
      faraday (~> 0.9)
      jwt (>= 1.5, < 3.0)
      multi_json (~> 1.10)
    solve (3.1.1)
      molinillo (>= 0.5)
      semverse (>= 1.1, < 3.0)
    specinfra (2.82.22)
      net-scp
      net-ssh (>= 2.7)
      net-telnet (= 0.1.1)
      sfl
    sslshake (1.3.1)
    strings (0.2.1)
      strings-ansi (~> 0.2)
      unicode-display_width (>= 1.5, < 3.0)
      unicode_utils (~> 1.4)
    strings-ansi (0.2.0)
    syslog-logger (1.6.8)
    systemu (2.6.5)
    test-kitchen (2.12.0)
      bcrypt_pbkdf (~> 1.0)
      chef-utils (>= 16.4.35)
      ed25519 (~> 1.2)
      license-acceptance (>= 1.0.11, < 3.0)
      mixlib-install (~> 3.6)
      mixlib-shellout (>= 1.2, < 4.0)
      net-scp (>= 1.1, < 4.0)
      net-ssh (>= 2.9, < 7.0)
      net-ssh-gateway (>= 1.2, < 3.0)
      thor (>= 0.19, < 2.0)
      winrm (~> 2.0)
      winrm-elevated (~> 1.0)
      winrm-fs (~> 1.1)
    thor (0.19.1)
    thread_safe (0.3.6)
    timeliness (0.3.10)
    timers (4.0.4)
      hitimes
    tomlrb (1.3.0)
    train (1.7.6)
      aws-sdk (~> 2)
      azure_graph_rbac (~> 0.16)
      azure_mgmt_key_vault (~> 0.17)
      azure_mgmt_resources (~> 0.15)
      docker-api (~> 1.26)
      google-api-client (~> 0.23.9)
      googleauth (~> 0.6.6)
      inifile
      json (>= 1.8, < 3.0)
      mixlib-shellout (>= 2.0)
      net-scp (~> 1.2)
      net-ssh (>= 2.9, < 6.0)
      winrm (~> 2.0)
      winrm-fs (~> 1.0)
    treetop (1.6.11)
      polyglot (~> 0.3)
    tty-box (0.7.0)
      pastel (~> 0.8)
      strings (~> 0.2.0)
      tty-cursor (~> 0.7)
    tty-color (0.6.0)
    tty-cursor (0.7.1)
    tty-prompt (0.23.1)
      pastel (~> 0.8)
      tty-reader (~> 0.8)
    tty-reader (0.9.0)
      tty-cursor (~> 0.7)
      tty-screen (~> 0.8)
      wisper (~> 2.0)
    tty-screen (0.8.1)
    tzinfo (1.2.9)
      thread_safe (~> 0.1)
    uber (0.1.0)
    unf (0.1.4)
      unf_ext
    unf_ext (0.0.7.7)
    unicode-display_width (1.8.0)
    unicode_utils (1.4.0)
    uuidtools (2.1.5)
    varia_model (0.6.0)
      buff-extensions (~> 2.0)
      hashie (>= 2.0.2, < 4.0.0)
    winrm (2.3.6)
      builder (>= 2.1.2)
      erubi (~> 1.8)
      gssapi (~> 1.2)
      gyoku (~> 1.0)
      httpclient (~> 2.2, >= 2.2.0.2)
      logging (>= 1.6.1, < 3.0)
      nori (~> 2.0)
      rubyntlm (~> 0.6.0, >= 0.6.3)
    winrm-elevated (1.2.3)
      erubi (~> 1.8)
      winrm (~> 2.0)
      winrm-fs (~> 1.0)
    winrm-fs (1.3.3)
      erubi (~> 1.8)
      logging (>= 1.6.1, < 3.0)
      rubyzip (~> 1.1)
      winrm (~> 2.0)
    wisper (2.0.1)
    wmi-lite (1.0.5)
    yajl-ruby (1.4.1)

PLATFORMS
  ruby
  x86_64-darwin-20

DEPENDENCIES
  berkshelf (~> 5.0)
  chef-sugar
  chefspec (>= 4.2)
  cookstyle
  foodcritic (~> 6.0)
  json (<= 2.4.1)
  kitchen-docker
  kitchen-inspec (<= 1.3.1)
  molinillo (>= 0.5, < 0.6.0)
  test-kitchen

BUNDLED WITH
   2.2.3
